GIT
  remote: git://github.com/lotus/lotus.git
  revision: d4ed542f638c995f3434f09af67344d37390f335
  specs:
    lotusrb (0.1.0)
      lotus-controller (~> 0.2)
      lotus-router (~> 0.1, >= 0.1.1)
      lotus-utils (~> 0.2)
      lotus-view (~> 0.2)
      thor (= 0.19.1)

GEM
  remote: https://rubygems.org/
  specs:
    aws-sdk (1.45.0)
      json (~> 1.4)
      nokogiri (>= 1.4.4)
    capybara (2.3.0)
      mime-types (>= 1.16)
      nokogiri (>= 1.3.3)
      rack (>= 1.0.0)
      rack-test (>= 0.5.4)
      xpath (~> 2.0)
    capybara-webkit (1.1.0)
      capybara (~> 2.0, >= 2.0.2)
      json
    coveralls (0.7.0)
      multi_json (~> 1.3)
      rest-client
      simplecov (>= 0.7)
      term-ansicolor
      thor
    docile (1.1.5)
    faraday (0.9.0)
      multipart-post (>= 1.2, < 3)
    hashie (2.1.2)
    http_router (0.11.1)
      rack (>= 1.0.0)
      url_mount (~> 0.2.1)
    json (1.8.1)
    jwt (1.0.0)
    lotus-controller (0.2.0)
      lotus-utils (~> 0.2)
      rack (~> 1.5)
    lotus-dynamodb (0.1.1)
      aws-sdk (~> 1.0)
      lotus-model (~> 0.1, >= 0.1.1)
      multi_json (~> 1.10)
    lotus-model (0.1.2)
      lotus-utils (~> 0.2)
      sequel (~> 4.9)
    lotus-router (0.1.1)
      http_router (~> 0)
      lotus-utils (~> 0)
    lotus-utils (0.2.0)
    lotus-view (0.2.0)
      lotus-utils (~> 0.2)
      tilt (~> 2.0, >= 2.0.1)
    mime-types (2.3)
    mini_portile (0.6.0)
    minitest (5.3.5)
    minitest-capybara (0.7.1)
      capybara (~> 2.2)
      minitest (~> 5.0)
      rake
    multi_json (1.10.1)
    multi_xml (0.5.5)
    multipart-post (2.0.0)
    nokogiri (1.6.2.1)
      mini_portile (= 0.6.0)
    oauth2 (0.9.4)
      faraday (>= 0.8, < 0.10)
      jwt (~> 1.0)
      multi_json (~> 1.3)
      multi_xml (~> 0.5)
      rack (~> 1.2)
    omniauth (1.2.1)
      hashie (>= 1.2, < 3)
      rack (~> 1.0)
    omniauth-oauth2 (1.1.2)
      faraday (>= 0.8, < 0.10)
      multi_json (~> 1.3)
      oauth2 (~> 0.9.3)
      omniauth (~> 1.2)
    omniauth-soundcloud (1.0.1)
      omniauth-oauth2 (~> 1.1.0)
    omniauth-spotify (0.0.5)
      omniauth-oauth2 (~> 1.1)
    omniauth-vkontakte (1.3.2)
      multi_json
      omniauth (~> 1.0)
      omniauth-oauth2 (~> 1.1)
    powify (0.9.1)
    rack (1.5.2)
    rack-test (0.6.2)
      rack (>= 1.0)
    rake (10.3.2)
    rest-client (1.6.7)
      mime-types (>= 1.16)
    sequel (4.11.0)
    simplecov (0.8.2)
      docile (~> 1.1.0)
      multi_json
      simplecov-html (~> 0.8.0)
    simplecov-html (0.8.0)
    term-ansicolor (1.3.0)
      tins (~> 1.0)
    thor (0.19.1)
    tilt (2.0.1)
    tins (1.3.0)
    url_mount (0.2.1)
      rack
    xpath (2.0.0)
      nokogiri (~> 1.3)

PLATFORMS
  ruby

DEPENDENCIES
  capybara-webkit (~> 1.1)
  coveralls (~> 0.7)
  lotus-dynamodb (~> 0.1)
  lotusrb!
  minitest-capybara (~> 0.7)
  omniauth-soundcloud (~> 1.0)
  omniauth-spotify (~> 0.0.1)
  omniauth-vkontakte (~> 1.3)
  powify (~> 0.9)
  rake (~> 10.3)
  simplecov (~> 0.8)
